GEM
  remote: https://rubygems.org/
  specs:
    highline (1.6.20)
    librarian (0.1.1)
      highline
      thor (~> 0.15)
    thor (0.18.1)

PLATFORMS
  ruby

DEPENDENCIES
  librarian
